GEM
  remote: https://rubygems.org/
  specs:
    addressable (2.3.8)
    colorator (0.1)
    colored (1.2)
    ethon (0.8.0)
      ffi (>= 1.3.0)
    ffi (1.9.10)
    html-proofer (2.5.2)
      addressable (~> 2.3)
      colored (~> 1.2)
      mercenary (~> 0.3.2)
      nokogiri (~> 1.5)
      parallel (~> 1.3)
      typhoeus (~> 0.7)
      yell (~> 2.0)
    htmlentities (4.3.4)
    jekyll (3.0.1)
      colorator (~> 0.1)
      jekyll-sass-converter (~> 1.0)
      jekyll-watch (~> 1.1)
      kramdown (~> 1.3)
      liquid (~> 3.0)
      mercenary (~> 0.3.3)
      rouge (~> 1.7)
      safe_yaml (~> 1.0)
    jekyll-paginate (1.1.0)
    jekyll-sass-converter (1.3.0)
      sass (~> 3.2)
    jekyll-watch (1.3.0)
      listen (~> 3.0)
    jekyll_pages_api (0.1.5)
      htmlentities (~> 4.3)
      jekyll (>= 2.0, < 4.0)
    jekyll_pages_api_search (0.3.0)
      jekyll_pages_api (~> 0.1.4)
      sass (~> 3.4)
      therubyracer (~> 0.12.2)
    kramdown (1.9.0)
    libv8 (3.16.14.13)
    liquid (3.0.6)
    listen (3.0.5)
      rb-fsevent (>= 0.9.3)
      rb-inotify (>= 0.9)
    mercenary (0.3.5)
    mini_portile (0.6.2)
    nokogiri (1.6.6.4)
      mini_portile (~> 0.6.0)
    parallel (1.6.1)
    rb-fsevent (0.9.6)
    rb-inotify (0.9.5)
      ffi (>= 0.5.0)
    ref (2.0.0)
    rouge (1.10.1)
    safe_yaml (1.0.4)
    sass (3.4.19)
    therubyracer (0.12.2)
      libv8 (~> 3.16.14.0)
      ref
    typhoeus (0.8.0)
      ethon (>= 0.8.0)
    yell (2.0.5)

PLATFORMS
  ruby

DEPENDENCIES
  html-proofer
  jekyll
  jekyll-paginate
  jekyll_pages_api_search

BUNDLED WITH
   1.10.6
